GEM
  remote: https://rubygems.org/
  specs:
    base64 (0.2.0)
    mono_logger (1.1.2)
    multi_json (1.15.0)
    mustermann (3.0.0)
      ruby2_keywords (~> 0.0.1)
    rack (2.2.8)
    rack-protection (3.2.0)
      base64 (>= 0.1.0)
      rack (~> 2.2, >= 2.2.4)
    redis (3.3.5)
    redis-namespace (1.8.2)
      redis (>= 3.0.4)
    resque (2.6.0)
      mono_logger (~> 1.0)
      multi_json (~> 1.0)
      redis-namespace (~> 1.6)
      sinatra (>= 0.9.2)
    ruby2_keywords (0.0.5)
    sinatra (3.2.0)
      mustermann (~> 3.0)
      rack (~> 2.2, >= 2.2.4)
      rack-protection (= 3.2.0)
      tilt (~> 2.0)
    statsd-ruby (1.4.0)
    tilt (2.3.0)

PLATFORMS
  ruby

DEPENDENCIES
  redis (~> 3.3.0)
  resque (~> 2.6.0)
  statsd-ruby

BUNDLED WITH
   1.17.3
